GEM
  remote: https://rubygems.org/
  specs:
    CFPropertyList (2.2.8)
    beaker (4.39.0)
      beaker-hostgenerator
      ed25519 (~> 1.0)
      hocon (~> 1.0)
      in-parallel (~> 0.1)
      inifile (~> 3.0)
      minitar (~> 0.6)
      minitest (~> 5.4)
      net-scp (>= 1.2, < 5.0)
      net-ssh (>= 5.0)
      open_uri_redirections (~> 0.2.1)
      rexml
      rsync (~> 1.0.9)
      stringify-hash (~> 0.0)
      thor (>= 1.0.1, < 2.0)
    beaker-hostgenerator (1.18.1)
      deep_merge (~> 1.0)
    beaker-rspec (7.1.0)
      beaker (> 3.0)
      rspec (~> 3.0)
      serverspec (~> 2)
      specinfra (~> 2)
    coderay (1.1.0)
    deep_merge (1.2.2)
    diff-lcs (1.5.0)
    docile (1.1.3)
    ed25519 (1.3.0)
    facter (2.0.1)
      CFPropertyList (~> 2.2.6)
    hiera (1.3.2)
      json_pure
    hocon (1.3.1)
    in-parallel (0.1.17)
    inifile (3.0.0)
    json_pure (1.8.1)
    metaclass (0.0.4)
    method_source (0.8.2)
    minitar (0.9)
    minitest (5.18.0)
    mocha (1.0.0)
      metaclass (~> 0.0.1)
    multi_json (1.15.0)
    net-scp (4.0.0)
      net-ssh (>= 2.6.5, < 8.0.0)
    net-ssh (7.0.1)
    net-telnet (0.1.1)
    open_uri_redirections (0.2.1)
    pry (0.9.12.6)
      coderay (~> 1.0)
      method_source (~> 0.8)
      slop (~> 3.4)
    puppet (3.5.1)
      facter (> 1.6, < 3)
      hiera (~> 1.0)
      json_pure
      rgen (~> 0.6.5)
    puppet-lint (0.3.2)
    puppetlabs_spec_helper (0.4.1)
      mocha (>= 0.10.5)
      rake
      rspec (>= 2.9.0)
      rspec-puppet (>= 0.1.1)
    rake (10.1.1)
    rexml (3.2.5)
    rgen (0.6.6)
    rspec (3.12.0)
      rspec-core (~> 3.12.0)
      rspec-expectations (~> 3.12.0)
      rspec-mocks (~> 3.12.0)
    rspec-core (3.12.1)
      rspec-support (~> 3.12.0)
    rspec-expectations (3.12.2)
      diff-lcs (>= 1.2.0, < 2.0)
      rspec-support (~> 3.12.0)
    rspec-its (1.3.0)
      rspec-core (>= 3.0.0)
      rspec-expectations (>= 3.0.0)
    rspec-mocks (3.12.3)
      diff-lcs (>= 1.2.0, < 2.0)
      rspec-support (~> 3.12.0)
    rspec-puppet (1.0.1)
      rspec
    rspec-support (3.12.0)
    rsync (1.0.9)
    serverspec (2.42.2)
      multi_json
      rspec (~> 3.0)
      rspec-its
      specinfra (~> 2.72)
    sfl (2.3)
    simplecov (0.8.2)
      docile (~> 1.1.0)
      multi_json
      simplecov-html (~> 0.8.0)
    simplecov-html (0.8.0)
    slop (3.5.0)
    specinfra (2.85.0)
      net-scp
      net-ssh (>= 2.7)
      net-telnet (= 0.1.1)
      sfl
    stringify-hash (0.0.2)
    thor (1.2.1)

PLATFORMS
  ruby

DEPENDENCIES
  beaker (>= 2.0.0)
  beaker-rspec
  pry
  puppet
  puppet-lint
  puppetlabs_spec_helper
  rake (~> 10.1.0)
  rspec-puppet
  serverspec
  simplecov

BUNDLED WITH
   2.1.4
